PATH
  remote: /home/admin1/rg_courses/rg_codebreaker
  specs:
    rg_codebreaker (0.5.2)

GEM
  specs:

PLATFORMS
  ruby

DEPENDENCIES
  rg_codebreaker!
